PATH
  remote: .
  specs:
    ruby_minitest_analyzer (0.1.0)

GEM
  remote: https://rubygems.org/
  specs:
    byebug (11.1.3)
    coderay (1.1.3)
    method_source (1.0.0)
    minitest (5.15.0)
    pry (0.13.1)
      coderay (~> 1.1)
      method_source (~> 1.0)
    pry-byebug (3.9.0)
      byebug (~> 11.0)
      pry (~> 0.13.0)
    rake (10.5.0)

PLATFORMS
  ruby

DEPENDENCIES
  bundler (~> 1.17)
  minitest (~> 5.0)
  pry (~> 0.13.1)
  pry-byebug (~> 3.9.0)
  rake (~> 10.0)
  ruby_minitest_analyzer!

BUNDLED WITH
   1.17.2
