PATH
  remote: .
  specs:
    ruby_minitest_analyzer (0.1.1)
      table_print (~> 1.5.7)

GEM
  remote: https://rubygems.org/
  specs:
    ast (2.4.2)
    byebug (11.1.3)
    coderay (1.1.3)
    method_source (1.0.0)
    minitest (5.15.0)
    mocha (1.13.0)
    parallel (1.21.0)
    parser (3.1.1.0)
      ast (~> 2.4.1)
    pry (0.13.1)
      coderay (~> 1.1)
      method_source (~> 1.0)
    pry-byebug (3.9.0)
      byebug (~> 11.0)
      pry (~> 0.13.0)
    rainbow (3.1.1)
    rake (10.5.0)
    regexp_parser (2.2.1)
    rexml (3.2.5)
    rubocop (1.25.1)
      parallel (~> 1.10)
      parser (>= 3.1.0.0)
      rainbow (>= 2.2.2, < 4.0)
      regexp_parser (>= 1.8, < 3.0)
      rexml
      rubocop-ast (>= 1.15.1, < 2.0)
      ruby-progressbar (~> 1.7)
      unicode-display_width (>= 1.4.0, < 3.0)
    rubocop-ast (1.16.0)
      parser (>= 3.1.1.0)
    rubocop-minitest (0.17.2)
      rubocop (>= 0.90, < 2.0)
    ruby-progressbar (1.11.0)
    table_print (1.5.7)
    unicode-display_width (2.1.0)

PLATFORMS
  ruby

DEPENDENCIES
  bundler (~> 1.17)
  minitest (~> 5.0)
  mocha
  pry (~> 0.13.1)
  pry-byebug (~> 3.9.0)
  rake (~> 10.0)
  rubocop (~> 1.25.1)
  rubocop-minitest (~> 0.17.2)
  ruby_minitest_analyzer!
  table_print

BUNDLED WITH
   1.17.2
